PATH
  remote: .
  specs:
    pipe_dsl (0.1.0)
      aws-sdk-resources (~> 2)
      cleanroom (~> 1.0)
      json (~> 1.8)
      thor (~> 0.19)

GEM
  remote: https://rubygems.org/
  specs:
    awesome_print (1.7.0)
    aws-sdk-core (2.6.7)
      jmespath (~> 1.0)
    aws-sdk-resources (2.6.7)
      aws-sdk-core (= 2.6.7)
    binding_of_caller (0.7.2)
      debug_inspector (>= 0.0.1)
    bond (0.5.1)
    byebug (9.0.6)
    cleanroom (1.0.0)
    codeclimate-test-reporter (0.6.0)
      simplecov (>= 0.7.1, < 1.0.0)
    coderay (1.1.1)
    debug_inspector (0.0.2)
    diff-lcs (1.2.5)
    docile (1.1.5)
    interception (0.5)
    jmespath (1.3.1)
    json (1.8.3)
    method_source (0.8.2)
    pry (0.10.4)
      coderay (~> 1.1.0)
      method_source (~> 0.8.1)
      slop (~> 3.4)
    pry-byebug (3.4.0)
      byebug (~> 9.0)
      pry (~> 0.10)
    pry-doc (0.9.0)
      pry (~> 0.9)
      yard (~> 0.8)
    pry-docmore (0.1.1)
      pry
      pry-doc
    pry-rescue (1.4.4)
      interception (>= 0.5)
      pry
    pry-stack_explorer (0.4.9.2)
      binding_of_caller (>= 0.7)
      pry (>= 0.9.11)
    rake (11.3.0)
    rspec (3.5.0)
      rspec-core (~> 3.5.0)
      rspec-expectations (~> 3.5.0)
      rspec-mocks (~> 3.5.0)
    rspec-core (3.5.4)
      rspec-support (~> 3.5.0)
    rspec-expectations (3.5.0)
      diff-lcs (>= 1.2.0, < 2.0)
      rspec-support (~> 3.5.0)
    rspec-mocks (3.5.0)
      diff-lcs (>= 1.2.0, < 2.0)
      rspec-support (~> 3.5.0)
    rspec-support (3.5.0)
    simplecov (0.12.0)
      docile (~> 1.1.0)
      json (>= 1.8, < 3)
      simplecov-html (~> 0.10.0)
    simplecov-html (0.10.0)
    slop (3.6.0)
    thor (0.19.1)
    yard (0.9.5)

PLATFORMS
  ruby

DEPENDENCIES
  awesome_print
  bond
  bundler
  codeclimate-test-reporter
  pipe_dsl!
  pry
  pry-byebug
  pry-doc
  pry-docmore
  pry-rescue
  pry-stack_explorer
  rake
  rspec

BUNDLED WITH
   1.13.3
