PATH
  remote: .
  specs:
    pipe_dsl (0.1.0)
      aws-sdk-resources (~> 2)
      json

GEM
  remote: https://rubygems.org/
  specs:
    awesome_print (1.6.1)
    aws-sdk-core (2.3.7)
      jmespath (~> 1.0)
    aws-sdk-resources (2.3.7)
      aws-sdk-core (= 2.3.7)
    binding_of_caller (0.7.2)
      debug_inspector (>= 0.0.1)
    bond (0.5.1)
    byebug (9.0.4)
    coderay (1.1.1)
    debug_inspector (0.0.2)
    diff-lcs (1.2.5)
    interception (0.5)
    jmespath (1.2.4)
      json_pure (>= 1.8.1)
    json (1.8.3)
    json_pure (1.8.3)
    method_source (0.8.2)
    pry (0.10.3)
      coderay (~> 1.1.0)
      method_source (~> 0.8.1)
      slop (~> 3.4)
    pry-byebug (3.4.0)
      byebug (~> 9.0)
      pry (~> 0.10)
    pry-doc (0.8.0)
      pry (~> 0.9)
      yard (~> 0.8)
    pry-docmore (0.1.1)
      pry
      pry-doc
    pry-rescue (1.4.2)
      interception (>= 0.5)
      pry
    pry-stack_explorer (0.4.9.2)
      binding_of_caller (>= 0.7)
      pry (>= 0.9.11)
    rake (10.5.0)
    rspec (3.4.0)
      rspec-core (~> 3.4.0)
      rspec-expectations (~> 3.4.0)
      rspec-mocks (~> 3.4.0)
    rspec-core (3.4.4)
      rspec-support (~> 3.4.0)
    rspec-expectations (3.4.0)
      diff-lcs (>= 1.2.0, < 2.0)
      rspec-support (~> 3.4.0)
    rspec-mocks (3.4.1)
      diff-lcs (>= 1.2.0, < 2.0)
      rspec-support (~> 3.4.0)
    rspec-support (3.4.1)
    slop (3.6.0)
    yard (0.8.7.6)

PLATFORMS
  ruby

DEPENDENCIES
  awesome_print
  bond
  bundler (~> 1.12)
  pipe_dsl!
  pry
  pry-byebug
  pry-doc
  pry-docmore
  pry-rescue
  pry-stack_explorer
  rake (~> 10.0)
  rspec (~> 3.0)

BUNDLED WITH
   1.12.4
